GEM
  remote: https://rubygems.org/
  specs:
    dotenv (2.2.1)
    rake (12.3.0)

PLATFORMS
  ruby

DEPENDENCIES
  dotenv (~> 2.2)
  rake (~> 12.0)

BUNDLED WITH
   1.16.0
